PATH
  remote: .
  specs:
    getpocket (0.0.2)
      httparty

GEM
  remote: https://rubygems.org/
  specs:
    coderay (1.1.0)
    httparty (0.11.0)
      multi_json (~> 1.0)
      multi_xml (>= 0.5.2)
    method_source (0.8.2)
    minitest (4.7.4)
    multi_json (1.7.3)
    multi_xml (0.5.3)
    pry (0.9.12.4)
      coderay (~> 1.0)
      method_source (~> 0.8)
      slop (~> 3.4)
    rake (10.0.4)
    slop (3.4.7)

PLATFORMS
  ruby

DEPENDENCIES
  bundler (~> 1.3)
  getpocket!
  minitest
  pry
  rake
